PATH
  remote: .
  specs:
    logstash-input-reqsample (0.1.2)
      chronic (~> 0.10.2)
      logstash-codec-plain
      minitar (>= 0.6)
      reqsample (~> 0.0.3)
      stud (>= 0.0.22)

GEM
  remote: https://rubygems.org/
  specs:
    addressable (2.7.0)
      public_suffix (>= 2.0.2, < 5.0)
    backports (3.15.0)
    cabin (0.9.0)
    chronic (0.10.2)
    clamp (1.3.1)
    coderay (1.1.2)
    diff-lcs (1.3)
    ffi (1.11.1-java)
    file-dependencies (0.1.6)
      minitar
    filesize (0.2.0)
    fivemat (1.3.7)
    ftw (0.0.49)
      addressable (>= 2.4)
      backports (>= 2.6.2)
      cabin (> 0)
      http_parser.rb (~> 0.6)
    gem_publisher (1.5.0)
    http_parser.rb (0.6.0-java)
    i18n (0.6.9)
    insist (1.0.0)
    jrjackson (0.4.10-java)
    kramdown (2.1.0)
    logstash-codec-plain (1.0.0)
      logstash-core (>= 1.4.0, < 2.0.0)
    logstash-core (1.5.0.rc3-java)
      cabin (>= 0.7.0)
      clamp
      file-dependencies (= 0.1.6)
      filesize
      ftw (~> 0.0.40)
      i18n (= 0.6.9)
      jrjackson
      mime-types
      minitar
      pry
      rack
      sinatra
      stud
      treetop (~> 1.4.0)
    logstash-devutils (0.0.22-java)
      fivemat
      gem_publisher
      insist (= 1.0.0)
      kramdown
      minitar
      rake
      rspec (~> 3.0)
      rspec-wait
      stud (>= 0.0.20)
    method_source (0.9.2)
    mime-types (3.3)
      mime-types-data (~> 3.2015)
    mime-types-data (3.2019.1009)
    minitar (0.9)
    mustermann (1.0.3)
    polyglot (0.3.5)
    pry (0.12.2-java)
      coderay (~> 1.1.0)
      method_source (~> 0.9.0)
      spoon (~> 0.0)
    public_suffix (4.0.1)
    rack (2.0.7)
    rack-protection (2.0.7)
      rack
    rake (13.0.0)
    reqsample (0.0.4)
      chronic
      rubystats
      thor
    rspec (3.9.0)
      rspec-core (~> 3.9.0)
      rspec-expectations (~> 3.9.0)
      rspec-mocks (~> 3.9.0)
    rspec-core (3.9.0)
      rspec-support (~> 3.9.0)
    rspec-expectations (3.9.0)
      diff-lcs (>= 1.2.0, < 2.0)
      rspec-support (~> 3.9.0)
    rspec-mocks (3.9.0)
      diff-lcs (>= 1.2.0, < 2.0)
      rspec-support (~> 3.9.0)
    rspec-support (3.9.0)
    rspec-wait (0.0.9)
      rspec (>= 3, < 4)
    rubystats (0.3.0)
    sinatra (2.0.7)
      mustermann (~> 1.0)
      rack (~> 2.0)
      rack-protection (= 2.0.7)
      tilt (~> 2.0)
    spoon (0.0.6)
      ffi
    stud (0.0.23)
    thor (0.20.3)
    tilt (2.0.10)
    treetop (1.4.15)
      polyglot
      polyglot (>= 0.3.1)

PLATFORMS
  java

DEPENDENCIES
  logstash-devutils
  logstash-input-reqsample!

BUNDLED WITH
   1.17.0
